GEM
  remote: https://rubygems.org/
  specs:
    cloudstack_client (1.4.3)
    thor (0.19.4)

PLATFORMS
  ruby

DEPENDENCIES
  cloudstack_client (~> 1.4.3)
  thor (~> 0.19)

BUNDLED WITH
   1.13.7
